GEM
  remote: http://rubygems.org/
  specs:
    blankslate (2.1.2.4)
    httparty (0.9.0)
      multi_json (~> 1.0)
      multi_xml
    json (1.7.5)
    multi_json (1.4.0)
    multi_xml (0.5.1)
    parslet (1.4.0)
      blankslate (~> 2.0)

PLATFORMS
  ruby

DEPENDENCIES
  httparty
  json
  parslet
